GEM
  remote: https://rubygems.org/
  specs:
    logger (1.4.3)
    mustermann (1.1.1)
      ruby2_keywords (~> 0.0.1)
    rack (2.2.3)
    rack-protection (2.1.0)
      rack
    ruby2_keywords (0.0.4)
    sinatra (2.1.0)
      mustermann (~> 1.0)
      rack (~> 2.2)
      rack-protection (= 2.1.0)
      tilt (~> 2.0)
    sqlite3 (1.4.2)
    tilt (2.0.10)

PLATFORMS
  x64-mingw32

DEPENDENCIES
  logger
  sinatra
  sqlite3

BUNDLED WITH
   2.2.17
